GEM
  remote: https://rubygems.org/
  specs:
    gosu (0.10.8)

PLATFORMS
  ruby

DEPENDENCIES
  gosu (~> 0.10.8)

RUBY VERSION
   ruby 2.3.1p112

BUNDLED WITH
   1.12.5
